GEM
  remote: http://rubygems.org/
  specs:
    adsf (1.1.1)
      rack (>= 1.0.0)
    colored (1.2)
    cri (2.3.0)
      colored (>= 1.2)
    mime-types (1.19)
    nanoc (3.4.2)
      cri (~> 2.2)
    nokogiri (1.5.5)
    nokogiri (1.5.5-x86-mingw32)
    rack (1.4.1)
    redcarpet (2.2.2)
    systemu (2.5.2)

PLATFORMS
  ruby
  x86-mingw32

DEPENDENCIES
  adsf
  mime-types
  nanoc
  nokogiri
  redcarpet
  systemu
