GEM
  remote: http://rubygems.org/
  specs:
    adsf (1.1.1)
      rack (>= 1.0.0)
    colored (1.2)
    cri (2.3.0)
      colored (>= 1.2)
    kramdown (0.14.0)
    mime-types (1.19)
    nanoc (3.4.1)
      cri (~> 2.2)
    nokogiri (1.5.5)
    nokogiri (1.5.5-x86-mingw32)
    pygmentize (0.0.3)
    rack (1.4.1)

PLATFORMS
  ruby
  x86-mingw32

DEPENDENCIES
  adsf
  kramdown
  mime-types
  nanoc
  nokogiri
  pygmentize
